GIT
  remote: git://github.com/kyanny/compare_linker.git
  revision: 604b0c22aeb9916af38c4eb1a3ffff520b3d6fc9
  tag: v1.0.2
  specs:
    compare_linker (1.0.2)
      httpclient
      octokit

GEM
  remote: https://rubygems.org/
  specs:
    addressable (2.3.5)
    daemons (1.1.9)
    dotenv (0.9.0)
    eventmachine (1.0.3)
    faraday (0.9.0)
      multipart-post (>= 1.2, < 3)
    httpclient (2.3.4.1)
    multipart-post (2.0.0)
    octokit (2.7.1)
      sawyer (~> 0.5.2)
    rack (1.5.2)
    rack-protection (1.5.2)
      rack
    sawyer (0.5.3)
      addressable (~> 2.3.5)
      faraday (~> 0.8, < 0.10)
    sinatra (1.4.4)
      rack (~> 1.4)
      rack-protection (~> 1.4)
      tilt (~> 1.3, >= 1.3.4)
    slim (2.0.2)
      temple (~> 0.6.6)
      tilt (>= 1.3.3, < 2.1)
    temple (0.6.7)
    thin (1.6.1)
      daemons (>= 1.0.9)
      eventmachine (>= 1.0.0)
      rack (>= 1.0.0)
    tilt (1.4.1)

PLATFORMS
  ruby

DEPENDENCIES
  compare_linker!
  dotenv
  sinatra
  slim
  thin
  tilt (~> 1.4.1)
